GIT
  remote: git://github.com/randomm/acts_as_api.git
  revision: a85a2c43e64c1fdf5aee081331edf39430c55850
  specs:
    acts_as_api (0.3.10)
      activemodel (>= 3.0.0)
      activesupport (>= 3.0.0)
      rack (>= 1.1.0)

GIT
  remote: git://github.com/randomm/spatial_adapter.git
  revision: d64ac1c03c837d6fffddfac1a0dc0818bf10bce6
  specs:
    spatial_adapter (1.2.0)
      GeoRuby (>= 1.3.0)
      activerecord (>= 2.2.2)

GEM
  remote: http://rubygems.org/
  specs:
    GeoRuby (1.3.4)
    actionmailer (3.1.1)
      actionpack (= 3.1.1)
      mail (~> 2.3.0)
    actionpack (3.1.1)
      activemodel (= 3.1.1)
      activesupport (= 3.1.1)
      builder (~> 3.0.0)
      erubis (~> 2.7.0)
      i18n (~> 0.6)
      rack (~> 1.3.2)
      rack-cache (~> 1.1)
      rack-mount (~> 0.8.2)
      rack-test (~> 0.6.1)
      sprockets (~> 2.0.2)
    activemodel (3.1.1)
      activesupport (= 3.1.1)
      builder (~> 3.0.0)
      i18n (~> 0.6)
    activerecord (3.1.1)
      activemodel (= 3.1.1)
      activesupport (= 3.1.1)
      arel (~> 2.2.1)
      tzinfo (~> 0.3.29)
    activeresource (3.1.1)
      activemodel (= 3.1.1)
      activesupport (= 3.1.1)
    activesupport (3.1.1)
      multi_json (~> 1.0)
    addressable (2.2.6)
    archive-tar-minitar (0.5.2)
    arel (2.2.1)
    bcrypt-ruby (3.0.1)
    builder (3.0.0)
    cancan (1.6.7)
    capybara (1.1.1)
      mime-types (>= 1.16)
      nokogiri (>= 1.3.3)
      rack (>= 1.0.0)
      rack-test (>= 0.5.4)
      selenium-webdriver (~> 2.0)
      xpath (~> 0.1.4)
    childprocess (0.2.2)
      ffi (~> 1.0.6)
    coffee-rails (3.1.1)
      coffee-script (>= 2.2.0)
      railties (~> 3.1.0)
    coffee-script (2.2.0)
      coffee-script-source
      execjs
    coffee-script-source (1.1.2)
    columnize (0.3.4)
    cucumber (1.1.1)
      builder (>= 2.1.2)
      diff-lcs (>= 1.1.2)
      gherkin (~> 2.6.0)
      json (>= 1.4.6)
      term-ansicolor (>= 1.0.6)
    cucumber-rails (1.1.1)
      capybara (>= 1.1.1)
      cucumber (>= 1.1.0)
      nokogiri (>= 1.5.0)
    database_cleaner (0.6.7)
    devise (1.4.9)
      bcrypt-ruby (~> 3.0)
      orm_adapter (~> 0.0.3)
      warden (~> 1.0.3)
    diff-lcs (1.1.3)
    em-websocket (0.3.5)
      addressable (>= 2.1.1)
      eventmachine (>= 0.12.9)
    erubis (2.7.0)
    eventmachine (0.12.10)
    execjs (1.2.9)
      multi_json (~> 1.0)
    factory_girl (2.2.0)
      activesupport
    factory_girl_rails (1.3.0)
      factory_girl (~> 2.2.0)
      railties (>= 3.0.0)
    ffi (1.0.9)
    frontend-helpers (0.1.1)
      haml-rails
      rails (~> 3.1.0)
      sass-rails
      sprockets
    gherkin (2.6.2)
      json (>= 1.4.6)
    growl (1.0.3)
    guard (0.8.8)
      thor (~> 0.14.6)
    guard-bundler (0.1.3)
      bundler (>= 1.0.0)
      guard (>= 0.2.2)
    guard-cucumber (0.7.3)
      cucumber (>= 0.10)
      guard (>= 0.8.3)
    guard-livereload (0.3.1)
      em-websocket (>= 0.2.0)
      guard (>= 0.4.0)
      multi_json (~> 1.0.3)
    guard-rails (0.0.3)
      guard (>= 0.2.2)
    guard-rspec (0.5.1)
      guard (>= 0.8.4)
    haml (3.1.3)
    haml-rails (0.3.4)
      actionpack (~> 3.0)
      activesupport (~> 3.0)
      haml (~> 3.0)
      railties (~> 3.0)
    heroku (2.11.0)
      launchy (>= 0.3.2)
      rest-client (~> 1.6.1)
      rubyzip
      term-ansicolor (~> 1.0.5)
    hike (1.2.1)
    i18n (0.6.0)
    jquery-rails (1.0.16)
      railties (~> 3.0)
      thor (~> 0.14)
    json (1.6.1)
    json_pure (1.6.1)
    jsonpath (0.4.2)
      multi_json
    launchy (2.0.5)
      addressable (~> 2.2.6)
    linecache19 (0.5.12)
      ruby_core_source (>= 0.1.4)
    mail (2.3.0)
      i18n (>= 0.4.0)
      mime-types (~> 1.16)
      treetop (~> 1.4.8)
    mime-types (1.17.2)
    multi_json (1.0.3)
    nokogiri (1.5.0)
    orm_adapter (0.0.5)
    pg (0.11.0)
    polyglot (0.3.3)
    rack (1.3.5)
    rack-cache (1.1)
      rack (>= 0.4)
    rack-mount (0.8.3)
      rack (>= 1.0.0)
    rack-ssl (1.3.2)
      rack
    rack-test (0.6.1)
      rack (>= 1.0)
    rails (3.1.1)
      actionmailer (= 3.1.1)
      actionpack (= 3.1.1)
      activerecord (= 3.1.1)
      activeresource (= 3.1.1)
      activesupport (= 3.1.1)
      bundler (~> 1.0)
      railties (= 3.1.1)
    rails-footnotes (3.7.5)
      rails (>= 3.0.0)
    railties (3.1.1)
      actionpack (= 3.1.1)
      activesupport (= 3.1.1)
      rack-ssl (~> 1.3.2)
      rake (>= 0.8.7)
      rdoc (~> 3.4)
      thor (~> 0.14.6)
    rake (0.9.2.2)
    rb-fsevent (0.4.3.1)
    rdoc (3.11)
      json (~> 1.4)
    rest-client (1.6.7)
      mime-types (>= 1.16)
    rspec (2.7.0)
      rspec-core (~> 2.7.0)
      rspec-expectations (~> 2.7.0)
      rspec-mocks (~> 2.7.0)
    rspec-core (2.7.1)
    rspec-expectations (2.7.0)
      diff-lcs (~> 1.1.2)
    rspec-mocks (2.7.0)
    rspec-rails (2.7.0)
      actionpack (~> 3.0)
      activesupport (~> 3.0)
      railties (~> 3.0)
      rspec (~> 2.7.0)
    ruby-debug-base19 (0.11.25)
      columnize (>= 0.3.1)
      linecache19 (>= 0.5.11)
      ruby_core_source (>= 0.1.4)
    ruby-debug19 (0.11.6)
      columnize (>= 0.3.1)
      linecache19 (>= 0.5.11)
      ruby-debug-base19 (>= 0.11.19)
    ruby_core_source (0.1.5)
      archive-tar-minitar (>= 0.5.2)
    rubyzip (0.9.4)
    sass (3.1.10)
    sass-rails (3.1.4)
      actionpack (~> 3.1.0)
      railties (~> 3.1.0)
      sass (>= 3.1.4)
      sprockets (~> 2.0.0)
      tilt (~> 1.3.2)
    selenium-webdriver (2.10.0)
      childprocess (>= 0.2.1)
      ffi (= 1.0.9)
      json_pure
      rubyzip
    sprockets (2.0.3)
      hike (~> 1.2)
      rack (~> 1.0)
      tilt (~> 1.1, != 1.3.0)
    term-ansicolor (1.0.7)
    thor (0.14.6)
    tilt (1.3.3)
    treetop (1.4.10)
      polyglot
      polyglot (>= 0.3.1)
    tzinfo (0.3.30)
    uglifier (1.0.4)
      execjs (>= 0.3.0)
      multi_json (>= 1.0.2)
    warden (1.0.6)
      rack (>= 1.0)
    xpath (0.1.4)
      nokogiri (~> 1.3)

PLATFORMS
  ruby

DEPENDENCIES
  acts_as_api!
  cancan (>= 1.6.6)
  capybara (>= 1.1.1)
  coffee-rails (~> 3.1.0)
  cucumber-rails (>= 1.0.2)
  database_cleaner (>= 0.6.7)
  devise (>= 1.4.5)
  factory_girl_rails (>= 1.2.0)
  frontend-helpers
  growl
  guard (>= 0.6.2)
  guard-bundler (>= 0.1.3)
  guard-cucumber (>= 0.6.1)
  guard-livereload (>= 0.3.0)
  guard-rails (>= 0.0.3)
  guard-rspec (>= 0.4.3)
  haml (>= 3.1.2)
  haml-rails (>= 0.3.4)
  heroku
  jquery-rails
  jsonpath
  launchy (>= 2.0.5)
  pg
  rails (= 3.1.1)
  rails-footnotes (>= 3.7)
  rb-fsevent
  rspec-rails (>= 2.6.1)
  ruby-debug19
  sass-rails (~> 3.1.0)
  spatial_adapter!
  uglifier
